GEM
  remote: https://rubygems.org/
  specs:
    ast (2.4.0)
    backports (3.16.1)
    c_lexer (2.6.4.1.1)
      ast (~> 2.4.0)
      parser (= 2.6.4.1)
    concurrent-ruby (1.1.6)
    multi_json (1.14.1)
    mustermann (1.1.1)
      ruby2_keywords (~> 0.0.1)
    opal (1.0.3)
      ast (>= 2.3.0)
      parser (~> 2.6)
    opal-sprockets (0.4.8.1.0.3.7)
      opal (~> 1.0.0)
      sprockets (~> 3.7)
      tilt (>= 1.4)
    ovto (0.6.0.rc1)
      opal (>= 0.11, < 2)
      rack (~> 2.0)
      thor (~> 0.20)
    parser (2.6.4.1)
      ast (~> 2.4.0)
    rack (2.2.2)
    rack-protection (2.0.8.1)
      rack
    rake (13.0.1)
    ruby2_keywords (0.0.2)
    sinatra (2.0.8.1)
      mustermann (~> 1.0)
      rack (~> 2.0)
      rack-protection (= 2.0.8.1)
      tilt (~> 2.0)
    sinatra-contrib (2.0.8.1)
      backports (>= 2.8.2)
      multi_json
      mustermann (~> 1.0)
      rack-protection (= 2.0.8.1)
      sinatra (= 2.0.8.1)
      tilt (~> 2.0)
    sprockets (3.7.2)
      concurrent-ruby (~> 1.0)
      rack (> 1, < 3)
    thor (0.20.3)
    tilt (2.0.10)

PLATFORMS
  ruby

DEPENDENCIES
  c_lexer
  opal-sprockets
  ovto (= 0.6.0.rc1)
  rack
  rake
  sinatra
  sinatra-contrib

BUNDLED WITH
   2.0.2
